PATH
  remote: .
  specs:
    asciidoctor-bibliography (0.0.1.dev)

GEM
  remote: https://rubygems.org/
  specs:
    asciidoctor (1.5.6.1)
    bibtex-ruby (4.4.4)
      latex-decode (~> 0.0)
    byebug (9.0.6)
    citeproc (1.0.5)
      namae (~> 0.8)
    citeproc-ruby (1.1.7)
      citeproc (>= 1.0.4, < 2.0)
      csl (~> 1.4)
    csl (1.4.5)
      namae (~> 0.7)
    csl-styles (1.0.1.8)
      csl (~> 1.0)
    latex-decode (0.2.2)
      unicode (~> 0.4)
    namae (0.11.3)
    unicode (0.4.4.4)

PLATFORMS
  ruby

DEPENDENCIES
  asciidoctor
  asciidoctor-bibliography!
  bibtex-ruby
  bundler (~> 1.14)
  byebug
  citeproc-ruby
  csl-styles
  latex-decode

BUNDLED WITH
   1.15.3
